GEM
  remote: https://rubygems.org/
  specs:
    graphql (1.11.5)
    pg (1.2.3)
    rack (3.0.7)
    ranker (1.1.4)
    roda (3.35.0)
      rack
    sequel (5.34.0)

PLATFORMS
  ruby

DEPENDENCIES
  graphql (~> 1.11.5)
  pg (~> 1.2.3)
  ranker (~> 1.1.4)
  roda (~> 3.35.0)
  sequel (~> 5.34.0)

BUNDLED WITH
   2.1.2
