GEM
  remote: https://rubygems.org/
  specs:
    pg (1.1.4)
    rack (2.0.7)
    ranker (1.1.4)
    roda (3.27.0)
      rack
    sequel (5.27.0)

PLATFORMS
  ruby

DEPENDENCIES
  pg (~> 1.1.4)
  ranker (~> 1.1.4)
  roda (~> 3.27.0)
  sequel (~> 5.27.0)

BUNDLED WITH
   1.17.2
